GEM
  remote: https://rubygems.org/
  specs:
    amq-protocol (2.0.0)
    bunny (2.1.0)
      amq-protocol (>= 2.0.0)
    json (1.8.3.1)
    parseconfig (1.0.8)

PLATFORMS
  ruby

DEPENDENCIES
  bunny
  json
  parseconfig

BUNDLED WITH
   2.0.1
